GEM
  remote: http://rubygems.org/
  specs:
    addressable (2.2.6)
    faraday (0.5.7)
      addressable (~> 2.2.4)
      multipart-post (~> 1.1.0)
      rack (>= 1.1.0, < 2)
    faraday_middleware (0.3.2)
      faraday (~> 0.5.4)
    hashie (1.2.0)
    i18n (0.6.0)
    instagram (0.8)
      faraday (~> 0.5.4)
      faraday_middleware (~> 0.3.1)
      hashie (>= 0.4.0)
      multi_json (~> 0.0.5)
    json (1.6.5)
    multi_json (0.0.5)
    multipart-post (1.1.5)
    nest (1.1.0)
      redis (~> 2.1)
    nokogiri (1.5.0)
    ohm (0.1.3)
      nest (~> 1.0)
    rack (1.4.1)
    rack-protection (1.2.0)
      rack
    redis (2.2.2)
    sinatra (1.3.2)
      rack (~> 1.3, >= 1.3.6)
      rack-protection (~> 1.2)
      tilt (~> 1.3, >= 1.3.3)
    tilt (1.3.3)

PLATFORMS
  ruby

DEPENDENCIES
  hashie (>= 0.4.0)
  i18n
  instagram
  json
  multi_json (~> 0.0.5)
  nokogiri
  ohm
  redis
  sinatra
